GEM
  remote: https://rubygems.org/
  specs:
    dotenv (2.1.1)
    json (2.0.2)
    kramdown (1.13.2)

PLATFORMS
  ruby

DEPENDENCIES
  dotenv
  json
  kramdown

BUNDLED WITH
   1.12.5
